GIT
  remote: git://github.com/onelogin/ruby-saml.git
  revision: 47b7a8efec960b49a9d56391687f88b4e219b7c2
  specs:
    ruby-saml (1.3.0)
      nokogiri (<= 1.5.11)
      uuid

GIT
  remote: git://github.com/openwisp/packet-legacy
  revision: e62fa6f3534e9111b4d878f25c68c7cc32617239
  specs:
    packet (0.1.15)

GIT
  remote: git://github.com/rails/rails.git
  revision: 857c6ee62c0582273d76e7b21b1eb295359eb837
  ref: 857c6ee62c0582273d76e7b21b1eb295359eb837
  branch: 3-0-stable
  specs:
    actionmailer (3.0.20)
      actionpack (= 3.0.20)
      mail (~> 2.2.19)
    actionpack (3.0.20)
      activemodel (= 3.0.20)
      activesupport (= 3.0.20)
      builder (~> 2.1.2)
      erubis (~> 2.6.6)
      i18n (~> 0.5.0)
      rack (~> 1.2.5)
      rack-mount (~> 0.6.14)
      rack-test (~> 0.5.7)
      tzinfo (~> 0.3.23)
    activemodel (3.0.20)
      activesupport (= 3.0.20)
      builder (~> 2.1.2)
      i18n (~> 0.5.0)
    activerecord (3.0.20)
      activemodel (= 3.0.20)
      activesupport (= 3.0.20)
      arel (~> 2.0.10)
      tzinfo (~> 0.3.23)
    activeresource (3.0.20)
      activemodel (= 3.0.20)
      activesupport (= 3.0.20)
    activesupport (3.0.20)
    rails (3.0.20)
      actionmailer (= 3.0.20)
      actionpack (= 3.0.20)
      activerecord (= 3.0.20)
      activeresource (= 3.0.20)
      activesupport (= 3.0.20)
      bundler (~> 1.0)
      railties (= 3.0.20)
    railties (3.0.20)
      actionpack (= 3.0.20)
      activesupport (= 3.0.20)
      rake (>= 0.8.7)
      rdoc (~> 3.4)
      thor (~> 0.14.4)

GEM
  remote: http://rubygems.org/
  specs:
    Ascii85 (1.0.2)
    abstract (1.0.0)
    acl9 (0.12.0)
    active_utils (1.0.5)
      activesupport (>= 2.3.11)
      i18n
    activemerchant (1.32.1)
      active_utils (>= 1.0.2)
      activesupport (>= 2.3.14)
      builder (>= 2.0.0)
      i18n
      json (>= 1.5.1)
      money
      nokogiri
    afm (0.2.0)
    akami (1.2.0)
      gyoku (>= 0.4.0)
      nokogiri (>= 1.4.0)
    arel (2.0.10)
    authlogic (3.0.3)
      activerecord (>= 3.0.7)
      activerecord (>= 3.0.7)
    aws-s3 (0.6.3)
      builder
      mime-types
      xml-simple
    backgroundrb-rails3 (1.1.6)
      chronic (>= 0.2.3)
      packet (>= 0.1.15)
      rails (>= 3.0.0)
    builder (2.1.2)
    cap-recipes (0.3.39)
    capistrano (2.9.0)
      highline
      net-scp (>= 1.0.0)
      net-sftp (>= 2.0.0)
      net-ssh (>= 2.0.14)
      net-ssh-gateway (>= 1.1.0)
    capistrano-ext (1.2.1)
      capistrano (>= 1.0.0)
    capistrano_colors (0.5.5)
    chronic (0.2.3)
      hoe (>= 1.2.1)
    daemons (1.1.9)
    easy_captcha (0.4.5)
      rails (>= 3.0.0)
    erubis (2.6.6)
      abstract (>= 1.0.0)
    exception_notification (3.0.1)
      actionmailer (>= 3.0.4)
    faraday (0.9.1)
      multipart-post (>= 1.2, < 3)
    gyoku (0.4.6)
      builder (>= 2.1.2)
    hashery (2.1.0)
    hashie (3.4.1)
    highline (1.6.19)
    hoe (3.6.1)
      rake (>= 0.8, < 11.0)
    httpi (1.1.1)
      rack
    i18n (0.5.0)
    jquery-rails (1.0.19)
      railties (~> 3.0)
      thor (~> 0.14)
    json (1.8.0)
    jwt (1.4.1)
    kaminari (0.12.4)
      rails (>= 3.0.0)
    macaddr (1.7.1)
      systemu (~> 2.6.2)
    mail (2.2.20)
      activesupport (>= 2.3.6)
      i18n (>= 0.4.0)
      mime-types (~> 1.16)
      treetop (~> 1.4.8)
    mime-types (1.23)
    money (5.0.0)
      i18n (~> 0.4)
      json
    multi_json (1.11.0)
    multi_xml (0.5.5)
    multipart-post (2.0.0)
    mysql2 (0.2.18)
    net-scp (1.1.1)
      net-ssh (>= 2.6.5)
    net-sftp (2.1.2)
      net-ssh (>= 2.6.5)
    net-ssh (2.6.7)
    net-ssh-gateway (1.2.0)
      net-ssh (>= 2.6.5)
    nokogiri (1.5.9)
    nori (1.1.5)
    oauth2 (1.0.0)
      faraday (>= 0.8, < 0.10)
      jwt (~> 1.0)
      multi_json (~> 1.3)
      multi_xml (~> 0.5)
      rack (~> 1.2)
    omniauth (1.2.2)
      hashie (>= 1.2, < 4)
      rack (~> 1.0)
    omniauth-facebook (2.0.1)
      omniauth-oauth2 (~> 1.2)
    omniauth-google-oauth2 (0.2.6)
      omniauth (> 1.0)
      omniauth-oauth2 (~> 1.1)
    omniauth-oauth2 (1.3.0)
      oauth2 (~> 1.0)
      omniauth (~> 1.2)
    pdf-reader (1.3.3)
      Ascii85 (~> 1.0.0)
      afm (~> 0.2.0)
      hashery (~> 2.0)
      ruby-rc4
      ttfunk
    polyglot (0.3.4)
    pony (1.11)
      mail (>= 2.0)
    prawn (0.12.0)
      pdf-reader (>= 0.9.0)
      ttfunk (~> 1.0.2)
    rack (1.2.8)
    rack-mini-profiler (0.1.26)
      rack (>= 1.1.3)
    rack-mount (0.6.14)
      rack (>= 1.0.0)
    rack-test (0.5.7)
      rack (>= 1.0)
    rake (10.0.4)
    rdoc (3.12.2)
      json (~> 1.4)
    rmagick (2.12.2)
    robinboening-fleximage (1.0.6)
      aws-s3
      rmagick
    ruby-rc4 (0.1.5)
    savon (1.2.0)
      akami (~> 1.2.0)
      builder (>= 2.1.2)
      gyoku (~> 0.4.5)
      httpi (~> 1.1.0)
      nokogiri (>= 1.4.0)
      nori (~> 1.1.0)
      wasabi (~> 2.5.0)
    sentry-raven (0.13.3)
      faraday (>= 0.7.6)
    simple_form (1.4.2)
      actionpack (~> 3.0)
      activemodel (~> 3.0)
    sqlite3 (1.3.7)
    system_timer (1.2.4)
    systemu (2.6.5)
    thor (0.14.6)
    treetop (1.4.15)
      polyglot
      polyglot (>= 0.3.1)
    ttfunk (1.0.3)
    tzinfo (0.3.39)
    uuid (2.3.8)
      macaddr (~> 1.0)
    wasabi (2.5.1)
      httpi (~> 1.0)
      nokogiri (>= 1.4.0)
    xml-simple (1.1.2)

PLATFORMS
  ruby

DEPENDENCIES
  acl9 (~> 0.12.0)
  activemerchant
  authlogic (~> 3.0.3)
  backgroundrb-rails3
  cap-recipes (~> 0.3.36)
  capistrano (~> 2.9.0)
  capistrano-ext (~> 1.2.1)
  capistrano_colors (~> 0.5.4)
  chronic (~> 0.2.3)
  daemons (~> 1.1.3)
  easy_captcha (~> 0.4.2)
  exception_notification
  jquery-rails (~> 1.0.9)
  kaminari (~> 0.12.4)
  mysql2 (~> 0.2.7)
  omniauth
  omniauth-facebook
  omniauth-google-oauth2
  packet (= 0.1.15)!
  pony
  prawn
  rack-mini-profiler
  rails!
  rmagick (~> 2.12.2)
  robinboening-fleximage (~> 1.0.6)
  ruby-saml!
  savon (~> 1.2.0)
  sentry-raven
  simple_form (~> 1.4.1)
  sqlite3
  system_timer
