GIT
  remote: git://github.com/dguerri/packet.git
  revision: f4630410bfe4552607a5747bb11f6ee4740d9870
  specs:
    packet (0.1.15)

GIT
  remote: git://github.com/spawnazzo/rails.git
  revision: 77403a9b04073713e2b758c22174a81bb3cd62b9
  branch: 3-0-stable
  specs:
    actionmailer (3.0.20)
      actionpack (= 3.0.20)
      mail (~> 2.2.19)
    actionpack (3.0.20)
      activemodel (= 3.0.20)
      activesupport (= 3.0.20)
      builder (~> 2.1.2)
      erubis (~> 2.6.6)
      i18n (~> 0.5.0)
      rack (~> 1.2.5)
      rack-mount (~> 0.6.14)
      rack-test (~> 0.5.7)
      tzinfo (~> 0.3.23)
    activemodel (3.0.20)
      activesupport (= 3.0.20)
      builder (~> 2.1.2)
      i18n (~> 0.5.0)
    activerecord (3.0.20)
      activemodel (= 3.0.20)
      activesupport (= 3.0.20)
      arel (~> 2.0.10)
      tzinfo (~> 0.3.23)
    activeresource (3.0.20)
      activemodel (= 3.0.20)
      activesupport (= 3.0.20)
    activesupport (3.0.20)
    rails (3.0.20)
      actionmailer (= 3.0.20)
      actionpack (= 3.0.20)
      activerecord (= 3.0.20)
      activeresource (= 3.0.20)
      activesupport (= 3.0.20)
      bundler (~> 1.0)
      railties (= 3.0.20)
    railties (3.0.20)
      actionpack (= 3.0.20)
      activesupport (= 3.0.20)
      rake (>= 0.8.7)
      rdoc (~> 3.4)
      thor (~> 0.14.4)

GEM
  remote: http://rubygems.org/
  specs:
    abstract (1.0.0)
    acl9 (0.12.0)
    arel (2.0.10)
    authlogic (3.0.3)
      activerecord (>= 3.0.7)
      activerecord (>= 3.0.7)
    aws-s3 (0.6.2)
      builder
      mime-types
      xml-simple
    backgroundrb-rails3 (1.1.5)
      chronic (>= 0.2.3)
      packet (>= 0.1.15)
      rails (>= 3.0.0)
    builder (2.1.2)
    cap-recipes (0.3.36)
    capistrano (2.9.0)
      highline
      net-scp (>= 1.0.0)
      net-sftp (>= 2.0.0)
      net-ssh (>= 2.0.14)
      net-ssh-gateway (>= 1.1.0)
    capistrano-ext (1.2.1)
      capistrano (>= 1.0.0)
    capistrano_colors (0.5.5)
    chronic (0.2.3)
      hoe (>= 1.2.1)
    daemons (1.1.4)
    easy_captcha (0.4.2)
      rails (~> 3.0.0)
      rmagick
    erubis (2.6.6)
      abstract (>= 1.0.0)
    exception_notification (2.4.1)
    highline (1.6.2)
    hoe (2.9.4)
      rake (>= 0.8.7)
    i18n (0.5.0)
    jquery-rails (1.0.11)
      railties (~> 3.0)
      thor (~> 0.14)
    json (1.8.0)
    kaminari (0.12.4)
      rails (>= 3.0.0)
    mail (2.2.20)
      activesupport (>= 2.3.6)
      i18n (>= 0.4.0)
      mime-types (~> 1.16)
      treetop (~> 1.4.8)
    mime-types (1.18)
    mysql2 (0.2.18)
    net-scp (1.0.4)
      net-ssh (>= 1.99.1)
    net-sftp (2.0.5)
      net-ssh (>= 2.0.9)
    net-ssh (2.2.1)
    net-ssh-gateway (1.1.0)
      net-ssh (>= 1.99.1)
    polyglot (0.3.3)
    rack (1.2.8)
    rack-mount (0.6.14)
      rack (>= 1.0.0)
    rack-test (0.5.7)
      rack (>= 1.0)
    rake (0.9.2.2)
    rdoc (3.12.2)
      json (~> 1.4)
    rmagick (2.12.2)
    robinboening-fleximage (1.0.6)
      aws-s3
      rmagick
    simple_form (1.4.1)
    thor (0.14.6)
    treetop (1.4.12)
      polyglot
      polyglot (>= 0.3.1)
    tzinfo (0.3.37)
    xml-simple (1.1.0)

PLATFORMS
  ruby

DEPENDENCIES
  acl9 (~> 0.12.0)
  authlogic (~> 3.0.3)
  backgroundrb-rails3
  cap-recipes (~> 0.3.36)
  capistrano (~> 2.9.0)
  capistrano-ext (~> 1.2.1)
  capistrano_colors (~> 0.5.4)
  chronic (~> 0.2.3)
  daemons (~> 1.1.3)
  easy_captcha (~> 0.4.2)
  exception_notification
  jquery-rails (~> 1.0.9)
  kaminari (~> 0.12.4)
  mysql2 (~> 0.2.7)
  packet (= 0.1.15)!
  rails!
  rmagick (~> 2.12.2)
  robinboening-fleximage (~> 1.0.6)
  simple_form (~> 1.4.1)
